GEM
  remote: http://rubygems.org/
  specs:
    alias (0.2.2)
    awesome_print (1.0.2)
    boson (0.4.0)
      alias (>= 0.2.2)
      hirb (>= 0.5.0)
    clipboard (1.0.1)
    coderay (1.0.5)
    diff-lcs (1.1.3)
    every_day_irb (1.2.0)
    fancy_irb (0.7.2)
      paint (>= 0.8.1)
      unicode-display_width (>= 0.1.1)
    ffi (1.0.11)
    fuubar (1.0.0)
      rspec (~> 2.0)
      rspec-instafail (~> 0.2.0)
      ruby-progressbar (~> 0.0.10)
    g (1.6.0)
      ruby_gntp
    git (1.2.5)
    guard (1.0.0)
      ffi (>= 0.5.0)
      thor (~> 0.14.6)
    guard-bundler (0.1.3)
      bundler (>= 1.0.0)
      guard (>= 0.2.2)
    guard-rspec (0.6.0)
      guard (>= 0.10.0)
    hirb (0.6.0)
    interactive_editor (0.0.10)
      spoon (>= 0.0.1)
    irbtools (1.2.0)
      awesome_print (~> 1.0.2)
      boson (>= 0.3.4)
      clipboard (~> 1.0.0)
      coderay (~> 1.0.5)
      every_day_irb (>= 1.2.0)
      fancy_irb (>= 0.7.2)
      g (>= 1.5.0)
      hirb (~> 0.6.0)
      interactive_editor (>= 0.0.10)
      method_locator (>= 0.0.4)
      method_source (>= 0.7.0)
      methodfinder (>= 1.2.5)
      ori (~> 0.1.0)
      paint (>= 0.8.4)
      sketches (>= 0.1.1)
      wirb (>= 0.4.1)
      zucker (>= 11)
    jeweler (1.8.3)
      bundler (~> 1.0)
      git (>= 1.2.5)
      rake
      rdoc
    json (1.6.5)
    libnotify (0.7.2)
    method_locator (0.0.4)
    method_source (0.7.0)
    methodfinder (1.2.5)
    multi_json (1.1.0)
    ori (0.1.0)
    paint (0.8.4)
    rake (0.9.2.2)
    rdoc (3.12)
      json (~> 1.4)
    rspec (2.8.0)
      rspec-core (~> 2.8.0)
      rspec-expectations (~> 2.8.0)
      rspec-mocks (~> 2.8.0)
    rspec-core (2.8.0)
    rspec-expectations (2.8.0)
      diff-lcs (~> 1.1.2)
    rspec-instafail (0.2.2)
    rspec-mocks (2.8.0)
    ruby-progressbar (0.0.10)
    ruby_gntp (0.3.4)
    simplecov (0.6.1)
      multi_json (~> 1.0)
      simplecov-html (~> 0.5.3)
    simplecov-html (0.5.3)
    sketches (0.1.1)
    spoon (0.0.1)
    thor (0.14.6)
    unicode-display_width (0.1.1)
    wirb (0.4.1)
    zucker (12.1)

PLATFORMS
  ruby

DEPENDENCIES
  bundler
  fuubar
  guard
  guard-bundler
  guard-rspec
  irbtools
  jeweler
  libnotify
  rdoc
  rspec
  simplecov
