GEM
  remote: http://rubygems.org/
  specs:
    alias (0.2.2)
    awesome_print (0.4.0)
    boson (0.3.4)
      alias (>= 0.2.2)
      hirb (>= 0.5.0)
    clipboard (0.9.9)
    coderay (0.9.8)
    diff-lcs (1.1.3)
    every_day_irb (1.0.6)
    fancy_irb (0.7.1)
      paint (>= 0.8.1)
      unicode-display_width (>= 0.1.1)
    ffi (1.0.11)
    g (1.4.0)
      ruby-growl (>= 1.0.1)
    git (1.2.5)
    guard (1.0.0)
      ffi (>= 0.5.0)
      thor (~> 0.14.6)
    guard-bundler (0.1.3)
      bundler (>= 1.0.0)
      guard (>= 0.2.2)
    guard-rspec (0.6.0)
      guard (>= 0.10.0)
    hirb (0.5.0)
    interactive_editor (0.0.10)
      spoon (>= 0.0.1)
    irbtools (1.0.6)
      awesome_print (~> 0.4.0)
      boson (>= 0.3.4)
      clipboard (>= 0.9.9)
      coderay (~> 0.9)
      every_day_irb (>= 1.0.6)
      fancy_irb (>= 0.7.0)
      g
      hirb (~> 0.5.0)
      interactive_editor (>= 0.0.8)
      methodfinder (>= 1.2.3)
      ori (~> 0.1.0)
      paint (>= 0.8.3)
      rvm_loader (>= 1.0.0)
      sketches
      wirb (>= 0.4.1)
      zucker (>= 11)
    jeweler (1.8.3)
      bundler (~> 1.0)
      git (>= 1.2.5)
      rake
      rdoc
    json (1.6.5)
    methodfinder (1.2.3)
    ori (0.1.0)
    paint (0.8.3)
    rake (0.9.2.2)
    rdoc (3.12)
      json (~> 1.4)
    rspec (2.8.0)
      rspec-core (~> 2.8.0)
      rspec-expectations (~> 2.8.0)
      rspec-mocks (~> 2.8.0)
    rspec-core (2.8.0)
    rspec-expectations (2.8.0)
      diff-lcs (~> 1.1.2)
    rspec-mocks (2.8.0)
    ruby-growl (3.0)
    rvm_loader (1.0.0)
    sketches (0.1.1)
    spoon (0.0.1)
    thor (0.14.6)
    unicode-display_width (0.1.1)
    wirb (0.4.1)
    zucker (11)

PLATFORMS
  ruby

DEPENDENCIES
  bundler (~> 1.0.0)
  guard
  guard-bundler
  guard-rspec
  irbtools
  jeweler (~> 1.8.3)
  rdoc (~> 3.12)
  rspec (~> 2.8.0)
